GEM
  remote: https://rubygems.org/
  specs:
    actionmailer (2.0.5)
      actionpack (= 2.0.5)
    actionpack (2.0.5)
      activesupport (= 2.0.5)
    activerecord (2.0.5)
      activesupport (= 2.0.5)
    activeresource (2.0.5)
      activesupport (= 2.0.5)
    activesupport (2.0.5)
    rails (2.0.5)
      actionmailer (= 2.0.5)
      actionpack (= 2.0.5)
      activerecord (= 2.0.5)
      activeresource (= 2.0.5)
      activesupport (= 2.0.5)
      rake (>= 0.7.2)
    rake (0.9.2.2)

PLATFORMS
  ruby

DEPENDENCIES
  rails (= 2.0.5)
